GEM
  remote: https://rubygems.org/
  specs:
    coderay (1.0.9)
    cri (2.1.0)
    faster_xml_simple (0.5.0)
      libxml-ruby (>= 0.3.8.4)
    gosu (0.7.48)
    httpclient (2.3.4.1)
    json (1.8.0)
    libxml-ruby (2.7.0)
    method_source (0.8.2)
    mini_portile (0.5.1)
    net-github-upload (0.0.8)
      faster_xml_simple
      httpclient
      json
      nokogiri (>= 1.4.0)
    nokogiri (1.6.0)
      mini_portile (~> 0.5.0)
    ocra (1.3.1)
    pry (0.9.12.2)
      coderay (~> 1.0.5)
      method_source (~> 0.8)
      slop (~> 3.4)
    rake (0.9.2.2)
    releasy (0.2.2)
      cri (~> 2.1.0)
      net-github-upload (~> 0.0.8)
      ocra (~> 1.3.0)
      rake (~> 0.9.2.2)
      thor (~> 0.14.6)
    slop (3.4.6)
    thor (0.14.6)

PLATFORMS
  ruby

DEPENDENCIES
  gosu
  pry
  releasy
